GEM
  remote: https://rubygems.org/
  specs:
    concurrent-ruby (1.0.2)
    faraday (0.9.2)
      multipart-post (>= 1.2, < 3)
    finagle-thrift (1.4.1)
    multipart-post (2.0.0)
    puma (3.6.0)
    rack (2.0.1)
    roda (2.17.0)
      rack
    sucker_punch (2.0.2)
      concurrent-ruby (~> 1.0.0)
    zipkin-tracer (0.18.2)
      faraday (~> 0.8)
      finagle-thrift (~> 1.4.1)
      rack (>= 1.0)
      sucker_punch (~> 2.0)

PLATFORMS
  ruby

DEPENDENCIES
  puma
  roda
  zipkin-tracer

BUNDLED WITH
   1.12.5
